GEM
  remote: http://rubygems.org/
  specs:
    activemodel (3.1.3)
      activesupport (= 3.1.3)
      builder (~> 3.0.0)
      i18n (~> 0.6)
    activeresource (3.1.3)
      activemodel (= 3.1.3)
      activesupport (= 3.1.3)
    activesupport (3.1.3)
      multi_json (~> 1.0)
    builder (3.0.0)
    i18n (0.6.0)
    multi_json (1.0.4)
    rack (1.3.2)
    samurai (0.2.29)
      activeresource (>= 2.2.2)
    sinatra (1.2.6)
      rack (~> 1.1)
      tilt (>= 1.2.2, < 2.0)
    sinatra-content-for (0.2)
      sinatra
    tilt (1.3.2)

PLATFORMS
  ruby

DEPENDENCIES
  samurai (~> 0.2.29)
  sinatra
  sinatra-content-for
